GEM
  remote: https://rubygems.org/
  specs:
    hoe (3.22.3)
      rake (>= 0.8, < 15.0)
    rake (13.0.3)
    ruby-ole (1.2.11.7)

PLATFORMS
  ruby

DEPENDENCIES
  hoe (>= 3.4)
  ruby-ole

BUNDLED WITH
   2.1.4
